GEM
  remote: https://rubygems.org/
  specs:
    rails (4.2.7)
      actionmailer (= 4.2.7)
      actionpack (= 4.2.7)
      actionview (= 4.2.7)
      activejob (= 4.2.7)
      activemodel (= 4.2.7)
      activerecord (= 4.2.7)
      activesupport (= 4.2.7)
      bundler (>= 1.3.0, < 2.0)
      railties (= 4.2.7)
      sprockets-rails
    rails-deprecated_sanitizer (1.0.3)
      activesupport (>= 4.2.0.alpha)
    rails-dom-testing (1.0.9)
      activesupport (>= 4.2.0, < 5.0)
      nokogiri (~> 1.6)
      rails-deprecated_sanitizer (>= 1.0.1)
    rails-html-sanitizer (1.3.0)
      loofah (~> 2.3)
    railties (4.2.7)
      actionpack (= 4.2.7)
      activesupport (= 4.2.7)
      rake (>= 0.8.7)
      thor (>= 0.18.1, < 2.0)
    rainbow (2.1.0)
    raindrops (0.17.0)
    rake (12.3.3)
    rawscsi (1.0.2)
      faraday
      faraday_middleware
      httparty (~> 0.11)
    rb-fsevent (0.9.8)
    rb-inotify (0.9.7)
      ffi (>= 0.5.0)
    rbvmomi (2.3.0)
      builder (~> 3.0)
      json (>= 1.8)
      nokogiri (~> 1.5)
      optimist (~> 3.0)
    redis (3.1.0)
    requirejs-rails (0.9.9)
      railties (>= 3.1.1)
    responders (2.3.0)
      railties (>= 4.2.0, < 5.1)
    rspec (3.2.0)
      rspec-core (~> 3.2.0)
      rspec-expectations (~> 3.2.0)
      rspec-mocks (~> 3.2.0)
    rspec-core (3.2.3)
      rspec-support (~> 3.2.0)
    rspec-expectations (3.2.1)
      diff-lcs (>= 1.2.0, < 2.0)
      rspec-support (~> 3.2.0)
    rspec-mocks (3.2.1)
      diff-lcs (>= 1.2.0, < 2.0)
      rspec-support (~> 3.2.0)
    rspec-rails (3.2.3)
      actionpack (>= 3.0, < 4.3)
      activesupport (>= 3.0, < 4.3)
      railties (>= 3.0, < 4.3)
      rspec-core (~> 3.2.0)
      rspec-expectations (~> 3.2.0)
      rspec-mocks (~> 3.2.0)
      rspec-support (~> 3.2.0)
    rspec-support (3.2.2)
    rubocop (0.46.0)
      parser (>= 2.3.1.1, < 3.0)
      powerpack (~> 0.1)
      rainbow (>= 1.99.1, < 3.0)
      ruby-progressbar (~> 1.7)
      unicode-display_width (~> 1.0, >= 1.0.1)
    ruby-progressbar (1.8.1)
    ruby2ruby (2.1.4)
      ruby_parser (~> 3.1)
      sexp_processor (~> 4.0)
    ruby_dep (1.5.0)
    ruby_parser (3.5.0)
      sexp_processor (~> 4.1)
    safe_yaml (1.0.4)
    sass (3.4.22)
    savon (2.7.2)
      akami (~> 1.2.0)
      builder (>= 2.1.2)
      gyoku (~> 1.1.0)
      httpi (~> 2.2.3)
      nokogiri (>= 1.4.0)
      nori (~> 2.4.0)
      uuid (~> 2.3.7)
      wasabi (~> 3.3.0)
    scss-lint (0.33.0)
      rainbow (~> 2.0)
      sass (~> 3.4.1)
    settingslogic (2.0.9)
    sexp_processor (4.7.0)
    shellany (0.0.1)
    simple_oauth (0.2.0)
    simplecov (0.9.2)
      docile (~> 1.1.0)
      multi_json (~> 1.0)
      simplecov-html (~> 0.9.0)
    simplecov-html (0.9.0)
    slim (2.0.3)
      temple (~> 0.6.6)
      tilt (>= 1.3.3, < 2.1)
    slop (3.6.0)
    spring (2.0.0)
      activesupport (>= 4.2)
    spring-commands-rspec (1.0.4)
      spring (>= 0.9.1)
    sprockets-rails (3.2.0)
      actionpack (>= 4.0)
      activesupport (>= 4.0)
      sprockets (>= 3.0.0)
    subexec (0.2.3)
    systemu (2.6.5)
    temple (0.6.10)
    terminal-table (1.7.3)
      unicode-display_width (~> 1.1.1)
    thor (0.19.4)
    thread_safe (0.3.6)
    tilt (2.0.5)
    timecop (0.7.4)
    travis (1.7.7)
      addressable (~> 2.3)
      backports
      faraday (~> 0.9)
      faraday_middleware (~> 0.9, >= 0.9.1)
      gh (~> 0.13)
      highline (~> 1.6)
      launchy (~> 2.1)
      pry (~> 0.9, < 0.10)
      pusher-client (~> 0.4)
      typhoeus (~> 0.6, >= 0.6.8)
    twitter (5.11.0)
      addressable (~> 2.3)
      buftok (~> 0.2.0)
      equalizer (~> 0.0.9)
      faraday (~> 0.9.0)
      http (~> 0.6.0)
      http_parser.rb (~> 0.6.0)
      json (~> 1.8)
      memoizable (~> 0.4.0)
      naught (~> 1.0)
      simple_oauth (~> 0.2.0)
    typhoeus (0.8.0)
      ethon (>= 0.8.0)
    tzinfo (1.2.6)
      thread_safe (~> 0.1)
    uglifier (2.5.3)
      execjs (>= 0.3.0)
      json (>= 1.8.0)
    unicode-display_width (1.1.1)
    unicorn (4.8.3)
      kgio (~> 2.6)
      rack
      raindrops (~> 0.7)
    uuid (2.3.9)
      macaddr (~> 1.0)
    vcr (2.9.3)
    wasabi (3.3.1)
      httpi (~> 2.0)
      nokogiri (>= 1.4.0)
    webmock (1.18.0)
      addressable (>= 2.3.6)
      crack (>= 0.3.2)
    websocket (1.2.3)
    websocket-driver (0.6.4)
      websocket-extensions (>= 0.1.0)
    websocket-extensions (0.1.5)
    xml-simple (1.1.5)
    xpath (2.1.0)
      nokogiri (~> 1.3)

PLATFORMS
  ruby

DEPENDENCIES
  aasm (~> 3.3.3)
  actionpack-page_caching (~> 1.0.2)
  awesome_print (~> 1.2.0)
  aws_cloud_search (~> 0.0.2)
  brakeman (~> 2.6.1)
  bronto (~> 0.2.0)
  bunny (~> 1.6.3)
  capybara (~> 2.4.1)
  carrierwave (~> 0.10.0)
  cloudinary
  codeclimate-test-reporter (~> 0.4.0)
  database_cleaner (~> 1.3.0)
  ddtrace (~> 0.16.0)
  dogstatsd-ruby (~> 3.3)
  factory_girl_rails (~> 4.4.1)
  faker (~> 1.4.1)
  flip
  fog (~> 1.38.0)
  foreman (~> 0.74.0)
  guard-bundler (~> 2.0.0)
  guard-rspec (~> 4.3.1)
  guard-rubocop (~> 1.1.0)
  hash_validator (~> 0.4.0)
  hashie (~> 3.1.0)
  httparty (~> 0.13.0)
  httpi (~> 2.2.5)
  jasmine (~> 2.1.0)
  jbuilder (~> 2.1.3)
  jpbuilder (~> 0.2.5)
  jquery-rails (~> 3.1.1)
  jwt (~> 1.5.6)
  mini_magick (~> 3.8.0)
  nokogiri (~> 1.10.8)
  oauth
  pg (~> 0.17.0)
  poltergeist (~> 1.5.1)
  pry-rails (~> 0.3.2)
  pry-remote (~> 0.1.7)
  pry-rescue (~> 1.4.0)
  pry-stack_explorer (~> 0.4.9)
  pusher (~> 0.14.0)
  rails (= 4.2.7)
  rake (~> 12.3.3)
  rawscsi (= 1.0.2)
  redis (~> 3.1.0)
  requirejs-rails (~> 0.9.5)
  responders (~> 2.0)
  rest-client (~> 1.7.2)
  rspec-rails (~> 3.2.1)
  scss-lint (~> 0.33.0)
  settingslogic (~> 2.0.9)
  simplecov (~> 0.9.0)
  slim (~> 2.0.2)
  spring-commands-rspec (~> 1.0.2)
  timecop (~> 0.7.1)
  travis (~> 1.7.1)
  twitter (~> 5.11.0)
  uglifier (~> 2.5.3)
  unicorn (~> 4.8.3)
  vcr (~> 2.9.0)
  webmock (~> 1.18.0)

BUNDLED WITH
   1.13.6
